GEM
  remote: https://rubygems.org/
  specs:
    linux_stat (2.0.1)
    mustermann (1.1.1)
      ruby2_keywords (~> 0.0.1)
    rack (2.2.3)
    rack-protection (2.1.0)
      rack
    ruby2_keywords (0.0.2)
    sinatra (2.1.0)
      mustermann (~> 1.0)
      rack (~> 2.2)
      rack-protection (= 2.1.0)
      tilt (~> 2.0)
    tilt (2.0.10)

PLATFORMS
  x86_64-linux

DEPENDENCIES
  linux_stat (= 2.0.1)
  sinatra

RUBY VERSION
   ruby 2.7.2p137

BUNDLED WITH
   2.2.3
